PATH
  remote: .
  specs:
    sandi_meter (1.0.5)
      mixlib-cli

GEM
  remote: https://rubygems.org/
  specs:
    diff-lcs (1.2.2)
    mixlib-cli (1.3.0)
    rake (10.1.0)
    rspec (2.13.0)
      rspec-core (~> 2.13.0)
      rspec-expectations (~> 2.13.0)
      rspec-mocks (~> 2.13.0)
    rspec-core (2.13.1)
    rspec-expectations (2.13.0)
      diff-lcs (>= 1.1.3, < 2.0)
    rspec-mocks (2.13.0)

PLATFORMS
  ruby

DEPENDENCIES
  bundler (~> 1.3)
  mixlib-cli
  rake
  rspec
  sandi_meter!
